PATH
  remote: .
  specs:
    pub_grub (0.2.0)

GEM
  remote: https://rubygems.org/
  specs:
    minitest (5.11.3)
    rake (10.5.0)
    stackprof (0.2.12)

PLATFORMS
  ruby

DEPENDENCIES
  bundler (~> 1.16)
  minitest (~> 5.0)
  pub_grub!
  rake (~> 10.0)
  stackprof (~> 0.2.12)

BUNDLED WITH
   1.16.1
